GEM
  remote: https://rubygems.org/
  specs:
    barby (0.6.5)
    combine_pdf (1.0.4)
      ruby-rc4 (>= 0.1.5)
    file_utils (1.1.2)
    json (2.0.2)
    pdf-core (0.7.0)
    prawn (2.2.2)
      pdf-core (~> 0.7.0)
      ttfunk (~> 1.5)
    ruby-rc4 (0.1.5)
    ttfunk (1.5.1)

PLATFORMS
  ruby

DEPENDENCIES
  barby
  combine_pdf
  file_utils
  json
  prawn

BUNDLED WITH
   1.13.7
